GIT
  remote: https://github.com/kainosnoema/rack-lineprof
  revision: b625eb7e64ac6e9c652c03be7fb9687400885a57
  specs:
    rack-lineprof (0.0.3)
      rack (>= 1.5)
      rblineprof (~> 0.3.6)
      term-ansicolor (~> 1.3)

GEM
  remote: https://rubygems.org/
  specs:
    backports (3.11.4)
    byebug (10.0.2)
    coderay (1.1.2)
    debugger-ruby_core_source (1.3.8)
    erubis (2.7.0)
    kgio (2.10.0)
    method_source (0.9.0)
    multi_json (1.13.1)
    mysql2 (0.4.4)
    mysql2-cs-bind (0.0.6)
      mysql2
    pry (0.11.3)
      coderay (~> 1.1.0)
      method_source (~> 0.9.0)
    pry-byebug (3.6.0)
      byebug (~> 10.0)
      pry (~> 0.10)
    pry-doc (0.13.4)
      pry (~> 0.11)
      yard (~> 0.9.11)
    rack (1.6.10)
    rack-protection (1.5.5)
      rack
    rack-test (1.1.0)
      rack (>= 1.0, < 3)
    raindrops (0.16.0)
    rblineprof (0.3.7)
      debugger-ruby_core_source (~> 1.3)
    sinatra (1.4.6)
      rack (~> 1.4)
      rack-protection (~> 1.4)
      tilt (>= 1.3, < 3)
    sinatra-contrib (1.4.7)
      backports (>= 2.0)
      multi_json
      rack-protection
      rack-test
      sinatra (~> 1.4.0)
      tilt (>= 1.3, < 3)
    term-ansicolor (1.6.0)
      tins (~> 1.0)
    tilt (2.0.5)
    tins (1.16.3)
    unicorn (5.1.0)
      kgio (~> 2.6)
      raindrops (~> 0.7)
    yard (0.9.16)

PLATFORMS
  ruby

DEPENDENCIES
  erubis
  mysql2
  mysql2-cs-bind
  pry-byebug
  pry-doc
  rack-lineprof!
  sinatra
  sinatra-contrib
  unicorn

BUNDLED WITH
   1.16.2
